STORAGE: NONE
NUGET
  remote: https://api.nuget.org/v3/index.json
    Humanizer.Core (2.14.1) - restriction: >= netstandard2.0
    Microsoft.Bcl.AsyncInterfaces (9.0.8) - restriction: >= netstandard2.0
      System.Threading.Tasks.Extensions (>= 4.5.4) - restriction: || (>= net462) (&& (>= netstandard2.0) (< netstandard2.1))
    Microsoft.CodeAnalysis (4.14)
      Humanizer.Core (>= 2.14.1) - restriction: >= netstandard2.0
      Microsoft.Bcl.AsyncInterfaces (>= 9.0) - restriction: >= netstandard2.0
      Microsoft.CodeAnalysis.Analyzers (>= 3.11) - restriction: >= netstandard2.0
      Microsoft.CodeAnalysis.CSharp.Workspaces (4.14) - restriction: >= netstandard2.0
      Microsoft.CodeAnalysis.VisualBasic.Workspaces (4.14) - restriction: >= netstandard2.0
      System.Buffers (>= 4.5.1) - restriction: >= netstandard2.0
      System.Collections.Immutable (>= 9.0) - restriction: >= netstandard2.0
      System.Composition (>= 9.0) - restriction: >= netstandard2.0
      System.IO.Pipelines (>= 9.0) - restriction: >= netstandard2.0
      System.Memory (>= 4.5.5) - restriction: >= netstandard2.0
      System.Numerics.Vectors (>= 4.5) - restriction: >= netstandard2.0
      System.Reflection.Metadata (>= 9.0) - restriction: >= netstandard2.0
      System.Runtime.CompilerServices.Unsafe (>= 6.0) - restriction: >= netstandard2.0
      System.Text.Encoding.CodePages (>= 7.0) - restriction: >= netstandard2.0
      System.Threading.Channels (>= 7.0) - restriction: >= netstandard2.0
      System.Threading.Tasks.Extensions (>= 4.5.4) - restriction: >= netstandard2.0
    Microsoft.CodeAnalysis.Analyzers (4.14) - restriction: >= netstandard2.0
    Microsoft.CodeAnalysis.Common (4.14) - restriction: >= netstandard2.0
      Microsoft.CodeAnalysis.Analyzers (>= 3.11) - restriction: >= netstandard2.0
      System.Buffers (>= 4.5.1) - restriction: && (< net8.0) (>= netstandard2.0)
      System.Collections.Immutable (>= 9.0) - restriction: >= netstandard2.0
      System.Memory (>= 4.5.5) - restriction: && (< net8.0) (>= netstandard2.0)
      System.Numerics.Vectors (>= 4.5) - restriction: && (< net8.0) (>= netstandard2.0)
      System.Reflection.Metadata (>= 9.0) - restriction: >= netstandard2.0
      System.Runtime.CompilerServices.Unsafe (>= 6.0) - restriction: && (< net8.0) (>= netstandard2.0)
      System.Text.Encoding.CodePages (>= 7.0) - restriction: && (< net8.0) (>= netstandard2.0)
      System.Threading.Tasks.Extensions (>= 4.5.4) - restriction: && (< net8.0) (>= netstandard2.0)
    Microsoft.CodeAnalysis.CSharp (4.14) - restriction: >= netstandard2.0
      Microsoft.CodeAnalysis.Analyzers (>= 3.11) - restriction: >= netstandard2.0
      Microsoft.CodeAnalysis.Common (4.14) - restriction: >= netstandard2.0
      System.Buffers (>= 4.5.1) - restriction: && (< net8.0) (>= netstandard2.0)
      System.Collections.Immutable (>= 9.0) - restriction: >= netstandard2.0
      System.Memory (>= 4.5.5) - restriction: && (< net8.0) (>= netstandard2.0)
      System.Numerics.Vectors (>= 4.5) - restriction: && (< net8.0) (>= netstandard2.0)
      System.Reflection.Metadata (>= 9.0) - restriction: >= netstandard2.0
      System.Runtime.CompilerServices.Unsafe (>= 6.0) - restriction: && (< net8.0) (>= netstandard2.0)
      System.Text.Encoding.CodePages (>= 7.0) - restriction: && (< net8.0) (>= netstandard2.0)
      System.Threading.Tasks.Extensions (>= 4.5.4) - restriction: && (< net8.0) (>= netstandard2.0)
    Microsoft.CodeAnalysis.CSharp.Workspaces (4.14) - restriction: >= netstandard2.0
      Humanizer.Core (>= 2.14.1) - restriction: >= netstandard2.0
      Microsoft.Bcl.AsyncInterfaces (>= 9.0) - restriction: && (< net8.0) (>= netstandard2.0)
      Microsoft.CodeAnalysis.Analyzers (>= 3.11) - restriction: >= netstandard2.0
      Microsoft.CodeAnalysis.Common (4.14) - restriction: >= netstandard2.0
      Microsoft.CodeAnalysis.CSharp (4.14) - restriction: >= netstandard2.0
      Microsoft.CodeAnalysis.Workspaces.Common (4.14) - restriction: >= netstandard2.0
      System.Buffers (>= 4.5.1) - restriction: && (< net8.0) (>= netstandard2.0)
      System.Collections.Immutable (>= 9.0) - restriction: >= netstandard2.0
      System.Composition (>= 9.0) - restriction: >= netstandard2.0
      System.IO.Pipelines (>= 9.0) - restriction: >= netstandard2.0
      System.Memory (>= 4.5.5) - restriction: && (< net8.0) (>= netstandard2.0)
      System.Numerics.Vectors (>= 4.5) - restriction: && (< net8.0) (>= netstandard2.0)
      System.Reflection.Metadata (>= 9.0) - restriction: >= netstandard2.0
      System.Runtime.CompilerServices.Unsafe (>= 6.0) - restriction: && (< net8.0) (>= netstandard2.0)
      System.Text.Encoding.CodePages (>= 7.0) - restriction: && (< net8.0) (>= netstandard2.0)
      System.Threading.Channels (>= 7.0) - restriction: >= netstandard2.0
      System.Threading.Tasks.Extensions (>= 4.5.4) - restriction: && (< net8.0) (>= netstandard2.0)
    Microsoft.CodeAnalysis.VisualBasic (4.14) - restriction: >= netstandard2.0
      Microsoft.CodeAnalysis.Analyzers (>= 3.11) - restriction: >= netstandard2.0
      Microsoft.CodeAnalysis.Common (4.14) - restriction: >= netstandard2.0
      System.Buffers (>= 4.5.1) - restriction: && (< net8.0) (>= netstandard2.0)
      System.Collections.Immutable (>= 9.0) - restriction: >= netstandard2.0
      System.Memory (>= 4.5.5) - restriction: && (< net8.0) (>= netstandard2.0)
      System.Numerics.Vectors (>= 4.5) - restriction: && (< net8.0) (>= netstandard2.0)
      System.Reflection.Metadata (>= 9.0) - restriction: >= netstandard2.0
      System.Runtime.CompilerServices.Unsafe (>= 6.0) - restriction: && (< net8.0) (>= netstandard2.0)
      System.Text.Encoding.CodePages (>= 7.0) - restriction: && (< net8.0) (>= netstandard2.0)
      System.Threading.Tasks.Extensions (>= 4.5.4) - restriction: && (< net8.0) (>= netstandard2.0)
    Microsoft.CodeAnalysis.VisualBasic.Workspaces (4.14) - restriction: >= netstandard2.0
      Humanizer.Core (>= 2.14.1) - restriction: >= netstandard2.0
      Microsoft.Bcl.AsyncInterfaces (>= 9.0) - restriction: && (< net8.0) (>= netstandard2.0)
      Microsoft.CodeAnalysis.Analyzers (>= 3.11) - restriction: >= netstandard2.0
      Microsoft.CodeAnalysis.Common (4.14) - restriction: >= netstandard2.0
      Microsoft.CodeAnalysis.VisualBasic (4.14) - restriction: >= netstandard2.0
      Microsoft.CodeAnalysis.Workspaces.Common (4.14) - restriction: >= netstandard2.0
      System.Buffers (>= 4.5.1) - restriction: && (< net8.0) (>= netstandard2.0)
      System.Collections.Immutable (>= 9.0) - restriction: >= netstandard2.0
      System.Composition (>= 9.0) - restriction: >= netstandard2.0
      System.IO.Pipelines (>= 9.0) - restriction: >= netstandard2.0
      System.Memory (>= 4.5.5) - restriction: && (< net8.0) (>= netstandard2.0)
      System.Numerics.Vectors (>= 4.5) - restriction: && (< net8.0) (>= netstandard2.0)
      System.Reflection.Metadata (>= 9.0) - restriction: >= netstandard2.0
      System.Runtime.CompilerServices.Unsafe (>= 6.0) - restriction: && (< net8.0) (>= netstandard2.0)
      System.Text.Encoding.CodePages (>= 7.0) - restriction: && (< net8.0) (>= netstandard2.0)
      System.Threading.Channels (>= 7.0) - restriction: >= netstandard2.0
      System.Threading.Tasks.Extensions (>= 4.5.4) - restriction: && (< net8.0) (>= netstandard2.0)
    Microsoft.CodeAnalysis.Workspaces.Common (4.14) - restriction: >= netstandard2.0
      Humanizer.Core (>= 2.14.1) - restriction: >= netstandard2.0
      Microsoft.Bcl.AsyncInterfaces (>= 9.0) - restriction: && (< net8.0) (>= netstandard2.0)
      Microsoft.CodeAnalysis.Analyzers (>= 3.11) - restriction: >= netstandard2.0
      Microsoft.CodeAnalysis.Common (4.14) - restriction: >= netstandard2.0
      System.Buffers (>= 4.5.1) - restriction: && (< net8.0) (>= netstandard2.0)
      System.Collections.Immutable (>= 9.0) - restriction: >= netstandard2.0
      System.Composition (>= 9.0) - restriction: >= netstandard2.0
      System.IO.Pipelines (>= 9.0) - restriction: >= netstandard2.0
      System.Memory (>= 4.5.5) - restriction: && (< net8.0) (>= netstandard2.0)
      System.Numerics.Vectors (>= 4.5) - restriction: && (< net8.0) (>= netstandard2.0)
      System.Reflection.Metadata (>= 9.0) - restriction: >= netstandard2.0
      System.Runtime.CompilerServices.Unsafe (>= 6.0) - restriction: && (< net8.0) (>= netstandard2.0)
      System.Text.Encoding.CodePages (>= 7.0) - restriction: && (< net8.0) (>= netstandard2.0)
      System.Threading.Channels (>= 7.0) - restriction: >= netstandard2.0
      System.Threading.Tasks.Extensions (>= 4.5.4) - restriction: && (< net8.0) (>= netstandard2.0)
    Microsoft.NETCore.Platforms (7.0.4) - restriction: || (&& (< monoandroid) (< net45) (>= netstandard1.0) (< netstandard1.2) (< win8) (< wp8)) (&& (< monoandroid) (< net45) (>= netstandard1.0) (< netstandard1.3) (< win8) (< wp8) (< wpa81)) (&& (< monoandroid) (< net45) (>= netstandard1.2) (< netstandard1.3) (< win8) (< wpa81)) (&& (< monoandroid) (< net45) (< netstandard1.2) (>= netstandard1.6) (< win8)) (&& (< monoandroid) (< net45) (>= netstandard1.3) (< netstandard1.5) (< win8) (< wpa81)) (&& (< monoandroid) (< net45) (>= netstandard1.3) (< netstandard1.6) (< win8) (< wpa81)) (&& (< monoandroid) (< net45) (< netstandard1.3) (>= netstandard1.6) (< win8) (< wpa81)) (&& (< monoandroid) (< net45) (>= netstandard1.5) (< netstandard1.6) (< win8) (< wpa81)) (&& (< monoandroid) (< net45) (< netstandard1.5) (>= netstandard1.6) (< win8) (< wpa81)) (&& (< monotouch) (< net45) (>= netstandard1.6) (< win8) (< wpa81) (< xamarinios) (< xamarinmac) (< xamarintvos) (< xamarinwatchos))
    Microsoft.NETCore.Targets (5.0) - restriction: || (&& (< monoandroid) (< net45) (>= netstandard1.0) (< netstandard1.2) (< win8) (< wp8)) (&& (< monoandroid) (< net45) (>= netstandard1.0) (< netstandard1.3) (< win8) (< wp8) (< wpa81)) (&& (< monoandroid) (< net45) (>= netstandard1.2) (< netstandard1.3) (< win8) (< wpa81)) (&& (< monoandroid) (< net45) (< netstandard1.2) (>= netstandard1.6) (< win8)) (&& (< monoandroid) (< net45) (>= netstandard1.3) (< netstandard1.5) (< win8) (< wpa81)) (&& (< monoandroid) (< net45) (>= netstandard1.3) (< netstandard1.6) (< win8) (< wpa81)) (&& (< monoandroid) (< net45) (< netstandard1.3) (>= netstandard1.6) (< win8) (< wpa81)) (&& (< monoandroid) (< net45) (>= netstandard1.5) (< netstandard1.6) (< win8) (< wpa81)) (&& (< monoandroid) (< net45) (< netstandard1.5) (>= netstandard1.6) (< win8) (< wpa81)) (&& (< monotouch) (< net45) (>= netstandard1.6) (< win8) (< wpa81) (< xamarinios) (< xamarinmac) (< xamarintvos) (< xamarinwatchos))
    System.Buffers (4.6.1) - restriction: >= netstandard2.0
    System.Collections (4.3) - restriction: || (&& (< monoandroid) (< net45) (>= netstandard1.0) (< netstandard1.6) (< win8) (< wp8) (< wpa81)) (&& (< monotouch) (< net45) (>= netstandard1.6) (< xamarinios) (< xamarinmac) (< xamarintvos) (< xamarinwatchos))
      Microsoft.NETCore.Platforms (>= 1.1) - restriction: || (&& (< monoandroid) (< monotouch) (< net45) (>= netstandard1.3) (< win8) (< wpa81) (< xamarinios) (< xamarinmac) (< xamarintvos) (< xamarinwatchos)) (&& (< monoandroid) (< net45) (>= netstandard1.0) (< netstandard1.3) (< win8) (< wp8) (< wpa81))
      Microsoft.NETCore.Targets (>= 1.1) - restriction: || (&& (< monoandroid) (< monotouch) (< net45) (>= netstandard1.3) (< win8) (< wpa81) (< xamarinios) (< xamarinmac) (< xamarintvos) (< xamarinwatchos)) (&& (< monoandroid) (< net45) (>= netstandard1.0) (< netstandard1.3) (< win8) (< wp8) (< wpa81))
      System.Runtime (>= 4.3) - restriction: || (&& (< monoandroid) (< monotouch) (< net45) (>= netstandard1.3) (< win8) (< wpa81) (< xamarinios) (< xamarinmac) (< xamarintvos) (< xamarinwatchos)) (&& (< monoandroid) (< net45) (>= netstandard1.0) (< netstandard1.3) (< win8) (< wp8) (< wpa81))
    System.Collections.Immutable (9.0.8) - restriction: || (&& (>= net8.0) (< net9.0)) (>= netstandard2.0)
      System.Memory (>= 4.5.5) - restriction: || (>= net462) (&& (< net8.0) (>= netstandard2.0))
      System.Runtime.CompilerServices.Unsafe (>= 6.0) - restriction: || (>= net462) (&& (< net8.0) (>= netstandard2.0))
    System.Composition (9.0.8) - restriction: >= netstandard2.0
      System.Composition.AttributedModel (>= 9.0.8) - restriction: || (>= net462) (>= netstandard2.0)
      System.Composition.Convention (>= 9.0.8) - restriction: || (>= net462) (>= netstandard2.0)
      System.Composition.Hosting (>= 9.0.8) - restriction: || (>= net462) (>= netstandard2.0)
      System.Composition.Runtime (>= 9.0.8) - restriction: || (>= net462) (>= netstandard2.0)
      System.Composition.TypedParts (>= 9.0.8) - restriction: || (>= net462) (>= netstandard2.0)
    System.Composition.AttributedModel (9.0.8) - restriction: >= netstandard2.0
    System.Composition.Convention (9.0.8) - restriction: >= netstandard2.0
      System.Composition.AttributedModel (>= 9.0.8) - restriction: || (>= net462) (>= netstandard2.0)
    System.Composition.Hosting (9.0.8) - restriction: >= netstandard2.0
      System.Composition.Runtime (>= 9.0.8) - restriction: || (>= net462) (>= netstandard2.0)
    System.Composition.Runtime (9.0.8) - restriction: >= netstandard2.0
    System.Composition.TypedParts (9.0.8) - restriction: >= netstandard2.0
      System.Composition.AttributedModel (>= 9.0.8) - restriction: || (>= net462) (>= netstandard2.0)
      System.Composition.Hosting (>= 9.0.8) - restriction: || (>= net462) (>= netstandard2.0)
      System.Composition.Runtime (>= 9.0.8) - restriction: || (>= net462) (>= netstandard2.0)
    System.Diagnostics.Debug (4.3) - restriction: && (< monotouch) (< net45) (>= netstandard1.6) (< xamarinios) (< xamarinmac) (< xamarintvos) (< xamarinwatchos)
      Microsoft.NETCore.Platforms (>= 1.1) - restriction: || (&& (< monoandroid) (< monotouch) (< net45) (>= netstandard1.3) (< win8) (< wpa81) (< xamarinios) (< xamarinmac) (< xamarintvos) (< xamarinwatchos)) (&& (< monoandroid) (< net45) (>= netstandard1.0) (< netstandard1.3) (< win8) (< wp8) (< wpa81))
      Microsoft.NETCore.Targets (>= 1.1) - restriction: || (&& (< monoandroid) (< monotouch) (< net45) (>= netstandard1.3) (< win8) (< wpa81) (< xamarinios) (< xamarinmac) (< xamarintvos) (< xamarinwatchos)) (&& (< monoandroid) (< net45) (>= netstandard1.0) (< netstandard1.3) (< win8) (< wp8) (< wpa81))
      System.Runtime (>= 4.3) - restriction: || (&& (< monoandroid) (< monotouch) (< net45) (>= netstandard1.3) (< win8) (< wpa81) (< xamarinios) (< xamarinmac) (< xamarintvos) (< xamarinwatchos)) (&& (< monoandroid) (< net45) (>= netstandard1.0) (< netstandard1.3) (< win8) (< wp8) (< wpa81))
    System.Globalization (4.3) - restriction: && (< monoandroid) (< monotouch) (< net45) (>= netstandard1.6) (< win8) (< wpa81) (< xamarinios) (< xamarinmac) (< xamarintvos) (< xamarinwatchos)
      Microsoft.NETCore.Platforms (>= 1.1) - restriction: || (&& (< monoandroid) (< monotouch) (< net45) (>= netstandard1.3) (< win8) (< wpa81) (< xamarinios) (< xamarinmac) (< xamarintvos) (< xamarinwatchos)) (&& (< monoandroid) (< net45) (>= netstandard1.0) (< netstandard1.3) (< win8) (< wp8) (< wpa81))
      Microsoft.NETCore.Targets (>= 1.1) - restriction: || (&& (< monoandroid) (< monotouch) (< net45) (>= netstandard1.3) (< win8) (< wpa81) (< xamarinios) (< xamarinmac) (< xamarintvos) (< xamarinwatchos)) (&& (< monoandroid) (< net45) (>= netstandard1.0) (< netstandard1.3) (< win8) (< wp8) (< wpa81))
      System.Runtime (>= 4.3) - restriction: || (&& (< monoandroid) (< monotouch) (< net45) (>= netstandard1.3) (< win8) (< wpa81) (< xamarinios) (< xamarinmac) (< xamarintvos) (< xamarinwatchos)) (&& (< monoandroid) (< net45) (>= netstandard1.0) (< netstandard1.3) (< win8) (< wp8) (< wpa81))
    System.IO (4.3) - restriction: || (&& (< monoandroid) (< monotouch) (< net45) (>= netstandard1.6) (< win8) (< wpa81) (< xamarinios) (< xamarinmac) (< xamarintvos) (< xamarinwatchos)) (&& (< monoandroid) (< net45) (< netstandard1.3) (>= netstandard1.6) (< win8) (< wpa81)) (&& (< monoandroid) (< net45) (< netstandard1.5) (>= netstandard1.6) (< win8) (< wpa81))
      Microsoft.NETCore.Platforms (>= 1.1) - restriction: || (&& (< monoandroid) (< net45) (>= netstandard1.0) (< netstandard1.3) (< win8) (< wp8) (< wpa81)) (&& (< monoandroid) (< net45) (>= netstandard1.3) (< netstandard1.5) (< win8) (< wpa81)) (&& (< monotouch) (< net45) (>= netstandard1.5) (< win8) (< wpa81) (< xamarinios) (< xamarinmac) (< xamarintvos) (< xamarinwatchos))
      Microsoft.NETCore.Targets (>= 1.1) - restriction: || (&& (< monoandroid) (< net45) (>= netstandard1.0) (< netstandard1.3) (< win8) (< wp8) (< wpa81)) (&& (< monoandroid) (< net45) (>= netstandard1.3) (< netstandard1.5) (< win8) (< wpa81)) (&& (< monotouch) (< net45) (>= netstandard1.5) (< win8) (< wpa81) (< xamarinios) (< xamarinmac) (< xamarintvos) (< xamarinwatchos))
      System.Runtime (>= 4.3) - restriction: || (&& (< monoandroid) (< net45) (>= netstandard1.0) (< netstandard1.3) (< win8) (< wp8) (< wpa81)) (&& (< monoandroid) (< net45) (>= netstandard1.3) (< netstandard1.5) (< win8) (< wpa81)) (&& (< monotouch) (< net45) (>= netstandard1.5) (< win8) (< wpa81) (< xamarinios) (< xamarinmac) (< xamarintvos) (< xamarinwatchos))
      System.Text.Encoding (>= 4.3) - restriction: || (&& (< monoandroid) (< net45) (>= netstandard1.0) (< netstandard1.3) (< win8) (< wp8) (< wpa81)) (&& (< monoandroid) (< net45) (>= netstandard1.3) (< netstandard1.5) (< win8) (< wpa81)) (&& (< monotouch) (< net45) (>= netstandard1.5) (< win8) (< wpa81) (< xamarinios) (< xamarinmac) (< xamarintvos) (< xamarinwatchos))
      System.Threading.Tasks (>= 4.3) - restriction: || (&& (< monoandroid) (< net45) (>= netstandard1.0) (< netstandard1.3) (< win8) (< wp8) (< wpa81)) (&& (< monoandroid) (< net45) (>= netstandard1.3) (< netstandard1.5) (< win8) (< wpa81)) (&& (< monotouch) (< net45) (>= netstandard1.5) (< win8) (< wpa81) (< xamarinios) (< xamarinmac) (< xamarintvos) (< xamarinwatchos))
    System.IO.Pipelines (9.0.8) - restriction: >= netstandard2.0
      System.Buffers (>= 4.5.1) - restriction: || (>= net462) (&& (< net8.0) (>= netstandard2.0))
      System.Memory (>= 4.5.5) - restriction: || (>= net462) (&& (< net8.0) (>= netstandard2.0))
      System.Threading.Tasks.Extensions (>= 4.5.4) - restriction: || (>= net462) (&& (< net8.0) (>= netstandard2.0))
    System.Linq (4.3)
      System.Collections (>= 4.3) - restriction: || (&& (< monoandroid) (< net45) (>= netstandard1.0) (< netstandard1.6) (< win8) (< wp8) (< wpa81)) (&& (< monotouch) (< net45) (>= netstandard1.6) (< xamarinios) (< xamarinmac) (< xamarintvos) (< xamarinwatchos))
      System.Diagnostics.Debug (>= 4.3) - restriction: && (< monotouch) (< net45) (>= netstandard1.6) (< xamarinios) (< xamarinmac) (< xamarintvos) (< xamarinwatchos)
      System.Resources.ResourceManager (>= 4.3) - restriction: && (< monotouch) (< net45) (>= netstandard1.6) (< xamarinios) (< xamarinmac) (< xamarintvos) (< xamarinwatchos)
      System.Runtime (>= 4.3) - restriction: || (&& (< monoandroid) (< net45) (>= netstandard1.0) (< netstandard1.6) (< win8) (< wp8) (< wpa81)) (&& (< monotouch) (< net45) (>= netstandard1.6) (< xamarinios) (< xamarinmac) (< xamarintvos) (< xamarinwatchos))
      System.Runtime.Extensions (>= 4.3) - restriction: && (< monotouch) (< net45) (>= netstandard1.6) (< xamarinios) (< xamarinmac) (< xamarintvos) (< xamarinwatchos)
    System.Memory (4.6.3) - restriction: >= netstandard2.0
      System.Buffers (>= 4.6.1) - restriction: || (>= net462) (&& (< netcoreapp2.1) (>= netstandard2.0) (< netstandard2.1))
      System.Numerics.Vectors (>= 4.6.1) - restriction: || (>= net462) (&& (< netcoreapp2.1) (>= netstandard2.0) (< netstandard2.1))
      System.Runtime.CompilerServices.Unsafe (>= 6.1.2) - restriction: || (>= net462) (&& (< netcoreapp2.1) (>= netstandard2.0) (< netstandard2.1))
    System.Numerics.Vectors (4.6.1) - restriction: >= netstandard2.0
    System.Reflection (4.3) - restriction: && (< monoandroid) (< monotouch) (< net45) (>= netstandard1.6) (< win8) (< wpa81) (< xamarinios) (< xamarinmac) (< xamarintvos) (< xamarinwatchos)
      Microsoft.NETCore.Platforms (>= 1.1) - restriction: || (&& (< monoandroid) (< net45) (>= netstandard1.0) (< netstandard1.3) (< win8) (< wp8) (< wpa81)) (&& (< monoandroid) (< net45) (>= netstandard1.3) (< netstandard1.5) (< win8) (< wpa81)) (&& (< monotouch) (< net45) (>= netstandard1.5) (< win8) (< wpa81) (< xamarinios) (< xamarinmac) (< xamarintvos) (< xamarinwatchos))
      Microsoft.NETCore.Targets (>= 1.1) - restriction: || (&& (< monoandroid) (< net45) (>= netstandard1.0) (< netstandard1.3) (< win8) (< wp8) (< wpa81)) (&& (< monoandroid) (< net45) (>= netstandard1.3) (< netstandard1.5) (< win8) (< wpa81)) (&& (< monotouch) (< net45) (>= netstandard1.5) (< win8) (< wpa81) (< xamarinios) (< xamarinmac) (< xamarintvos) (< xamarinwatchos))
      System.IO (>= 4.3) - restriction: || (&& (< monoandroid) (< net45) (>= netstandard1.0) (< netstandard1.3) (< win8) (< wp8) (< wpa81)) (&& (< monoandroid) (< net45) (>= netstandard1.3) (< netstandard1.5) (< win8) (< wpa81)) (&& (< monotouch) (< net45) (>= netstandard1.5) (< win8) (< wpa81) (< xamarinios) (< xamarinmac) (< xamarintvos) (< xamarinwatchos))
      System.Reflection.Primitives (>= 4.3) - restriction: || (&& (< monoandroid) (< net45) (>= netstandard1.0) (< netstandard1.3) (< win8) (< wp8) (< wpa81)) (&& (< monoandroid) (< net45) (>= netstandard1.3) (< netstandard1.5) (< win8) (< wpa81)) (&& (< monotouch) (< net45) (>= netstandard1.5) (< win8) (< wpa81) (< xamarinios) (< xamarinmac) (< xamarintvos) (< xamarinwatchos))
      System.Runtime (>= 4.3) - restriction: || (&& (< monoandroid) (< net45) (>= netstandard1.0) (< netstandard1.3) (< win8) (< wp8) (< wpa81)) (&& (< monoandroid) (< net45) (>= netstandard1.3) (< netstandard1.5) (< win8) (< wpa81)) (&& (< monotouch) (< net45) (>= netstandard1.5) (< win8) (< wpa81) (< xamarinios) (< xamarinmac) (< xamarintvos) (< xamarinwatchos))
    System.Reflection.Metadata (9.0.8) - restriction: >= netstandard2.0
      System.Collections.Immutable (>= 9.0.8) - restriction: || (>= net462) (&& (>= net8.0) (< net9.0)) (&& (< net8.0) (>= netstandard2.0))
      System.Memory (>= 4.5.5) - restriction: || (>= net462) (&& (< net8.0) (>= netstandard2.0))
    System.Reflection.Primitives (4.3) - restriction: || (&& (< monoandroid) (< monotouch) (< net45) (>= netstandard1.6) (< win8) (< wpa81) (< xamarinios) (< xamarinmac) (< xamarintvos) (< xamarinwatchos)) (&& (< monoandroid) (< net45) (< netstandard1.3) (>= netstandard1.6) (< win8) (< wpa81)) (&& (< monoandroid) (< net45) (< netstandard1.5) (>= netstandard1.6) (< win8) (< wpa81))
      Microsoft.NETCore.Platforms (>= 1.1) - restriction: && (< monoandroid) (< monotouch) (< net45) (>= netstandard1.0) (< win8) (< wp8) (< wpa81) (< xamarinios) (< xamarinmac) (< xamarintvos) (< xamarinwatchos)
      Microsoft.NETCore.Targets (>= 1.1) - restriction: && (< monoandroid) (< monotouch) (< net45) (>= netstandard1.0) (< win8) (< wp8) (< wpa81) (< xamarinios) (< xamarinmac) (< xamarintvos) (< xamarinwatchos)
      System.Runtime (>= 4.3) - restriction: && (< monoandroid) (< monotouch) (< net45) (>= netstandard1.0) (< win8) (< wp8) (< wpa81) (< xamarinios) (< xamarinmac) (< xamarintvos) (< xamarinwatchos)
    System.Resources.ResourceManager (4.3) - restriction: && (< monotouch) (< net45) (>= netstandard1.6) (< xamarinios) (< xamarinmac) (< xamarintvos) (< xamarinwatchos)
      Microsoft.NETCore.Platforms (>= 1.1) - restriction: && (< monoandroid) (< monotouch) (< net45) (>= netstandard1.0) (< win8) (< wp8) (< wpa81) (< xamarinios) (< xamarinmac) (< xamarintvos) (< xamarinwatchos)
      Microsoft.NETCore.Targets (>= 1.1) - restriction: && (< monoandroid) (< monotouch) (< net45) (>= netstandard1.0) (< win8) (< wp8) (< wpa81) (< xamarinios) (< xamarinmac) (< xamarintvos) (< xamarinwatchos)
      System.Globalization (>= 4.3) - restriction: && (< monoandroid) (< monotouch) (< net45) (>= netstandard1.0) (< win8) (< wp8) (< wpa81) (< xamarinios) (< xamarinmac) (< xamarintvos) (< xamarinwatchos)
      System.Reflection (>= 4.3) - restriction: && (< monoandroid) (< monotouch) (< net45) (>= netstandard1.0) (< win8) (< wp8) (< wpa81) (< xamarinios) (< xamarinmac) (< xamarintvos) (< xamarinwatchos)
      System.Runtime (>= 4.3) - restriction: && (< monoandroid) (< monotouch) (< net45) (>= netstandard1.0) (< win8) (< wp8) (< wpa81) (< xamarinios) (< xamarinmac) (< xamarintvos) (< xamarinwatchos)
    System.Runtime (4.3.1) - restriction: || (&& (< monoandroid) (< net45) (>= netstandard1.0) (< netstandard1.3) (< win8) (< wp8) (< wpa81)) (&& (< monoandroid) (< net45) (>= netstandard1.0) (< netstandard1.6) (< win8) (< wp8) (< wpa81)) (&& (< monoandroid) (< net45) (>= netstandard1.3) (< netstandard1.6) (< win8) (< wpa81)) (&& (< monoandroid) (< net45) (< netstandard1.3) (>= netstandard1.6) (< win8) (< wpa81)) (&& (< monoandroid) (< net45) (< netstandard1.5) (>= netstandard1.6) (< win8) (< wpa81)) (&& (< monotouch) (< net45) (>= netstandard1.6) (< xamarinios) (< xamarinmac) (< xamarintvos) (< xamarinwatchos))
      Microsoft.NETCore.Platforms (>= 1.1.1) - restriction: || (&& (< monoandroid) (< net45) (>= netstandard1.0) (< netstandard1.2) (< win8) (< wp8)) (&& (< monoandroid) (< net45) (>= netstandard1.2) (< netstandard1.3) (< win8) (< wpa81)) (&& (< monoandroid) (< net45) (>= netstandard1.3) (< netstandard1.5) (< win8) (< wpa81)) (&& (< monotouch) (< net45) (>= netstandard1.5) (< win8) (< wpa81) (< xamarinios) (< xamarinmac) (< xamarintvos) (< xamarinwatchos))
      Microsoft.NETCore.Targets (>= 1.1.3) - restriction: || (&& (< monoandroid) (< net45) (>= netstandard1.0) (< netstandard1.2) (< win8) (< wp8)) (&& (< monoandroid) (< net45) (>= netstandard1.2) (< netstandard1.3) (< win8) (< wpa81)) (&& (< monoandroid) (< net45) (>= netstandard1.3) (< netstandard1.5) (< win8) (< wpa81)) (&& (< monotouch) (< net45) (>= netstandard1.5) (< win8) (< wpa81) (< xamarinios) (< xamarinmac) (< xamarintvos) (< xamarinwatchos))
    System.Runtime.CompilerServices.Unsafe (6.1.2) - restriction: >= netstandard2.0
    System.Runtime.Extensions (4.3.1) - restriction: && (< monotouch) (< net45) (>= netstandard1.6) (< xamarinios) (< xamarinmac) (< xamarintvos) (< xamarinwatchos)
      Microsoft.NETCore.Platforms (>= 1.1.1) - restriction: || (&& (< monoandroid) (< net45) (>= netstandard1.0) (< netstandard1.3) (< win8) (< wp8) (< wpa81)) (&& (< monoandroid) (< net45) (>= netstandard1.3) (< netstandard1.5) (< win8) (< wpa81)) (&& (< monotouch) (< net45) (>= netstandard1.5) (< win8) (< wpa81) (< xamarinios) (< xamarinmac) (< xamarintvos) (< xamarinwatchos))
      Microsoft.NETCore.Targets (>= 1.1.3) - restriction: || (&& (< monoandroid) (< net45) (>= netstandard1.0) (< netstandard1.3) (< win8) (< wp8) (< wpa81)) (&& (< monoandroid) (< net45) (>= netstandard1.3) (< netstandard1.5) (< win8) (< wpa81)) (&& (< monotouch) (< net45) (>= netstandard1.5) (< win8) (< wpa81) (< xamarinios) (< xamarinmac) (< xamarintvos) (< xamarinwatchos))
      System.Runtime (>= 4.3.1) - restriction: || (&& (< monoandroid) (< net45) (>= netstandard1.0) (< netstandard1.3) (< win8) (< wp8) (< wpa81)) (&& (< monoandroid) (< net45) (>= netstandard1.3) (< netstandard1.5) (< win8) (< wpa81)) (&& (< monotouch) (< net45) (>= netstandard1.5) (< win8) (< wpa81) (< xamarinios) (< xamarinmac) (< xamarintvos) (< xamarinwatchos))
    System.Text.Encoding (4.3) - restriction: || (&& (< monoandroid) (< monotouch) (< net45) (>= netstandard1.6) (< win8) (< wpa81) (< xamarinios) (< xamarinmac) (< xamarintvos) (< xamarinwatchos)) (&& (< monoandroid) (< net45) (< netstandard1.3) (>= netstandard1.6) (< win8) (< wpa81)) (&& (< monoandroid) (< net45) (< netstandard1.5) (>= netstandard1.6) (< win8) (< wpa81))
      Microsoft.NETCore.Platforms (>= 1.1) - restriction: || (&& (< monoandroid) (< monotouch) (< net45) (>= netstandard1.3) (< win8) (< wpa81) (< xamarinios) (< xamarinmac) (< xamarintvos) (< xamarinwatchos)) (&& (< monoandroid) (< net45) (>= netstandard1.0) (< netstandard1.3) (< win8) (< wp8) (< wpa81))
      Microsoft.NETCore.Targets (>= 1.1) - restriction: || (&& (< monoandroid) (< monotouch) (< net45) (>= netstandard1.3) (< win8) (< wpa81) (< xamarinios) (< xamarinmac) (< xamarintvos) (< xamarinwatchos)) (&& (< monoandroid) (< net45) (>= netstandard1.0) (< netstandard1.3) (< win8) (< wp8) (< wpa81))
      System.Runtime (>= 4.3) - restriction: || (&& (< monoandroid) (< monotouch) (< net45) (>= netstandard1.3) (< win8) (< wpa81) (< xamarinios) (< xamarinmac) (< xamarintvos) (< xamarinwatchos)) (&& (< monoandroid) (< net45) (>= netstandard1.0) (< netstandard1.3) (< win8) (< wp8) (< wpa81))
    System.Text.Encoding.CodePages (9.0.8) - restriction: >= netstandard2.0
      System.Memory (>= 4.5.5) - restriction: || (>= net462) (&& (< net8.0) (>= netstandard2.0))
      System.Runtime.CompilerServices.Unsafe (>= 6.0) - restriction: || (>= net462) (&& (< net8.0) (>= netstandard2.0))
    System.Threading.Channels (9.0.8) - restriction: >= netstandard2.0
      Microsoft.Bcl.AsyncInterfaces (>= 9.0.8) - restriction: || (>= net462) (&& (>= netstandard2.0) (< netstandard2.1))
      System.Threading.Tasks.Extensions (>= 4.5.4) - restriction: || (>= net462) (&& (>= netstandard2.0) (< netstandard2.1))
    System.Threading.Tasks (4.3) - restriction: || (&& (< monoandroid) (< monotouch) (< net45) (>= netstandard1.6) (< win8) (< wpa81) (< xamarinios) (< xamarinmac) (< xamarintvos) (< xamarinwatchos)) (&& (< monoandroid) (< net45) (< netstandard1.3) (>= netstandard1.6) (< win8) (< wpa81)) (&& (< monoandroid) (< net45) (< netstandard1.5) (>= netstandard1.6) (< win8) (< wpa81))
      Microsoft.NETCore.Platforms (>= 1.1) - restriction: || (&& (< monoandroid) (< monotouch) (< net45) (>= netstandard1.3) (< win8) (< wpa81) (< xamarinios) (< xamarinmac) (< xamarintvos) (< xamarinwatchos)) (&& (< monoandroid) (< net45) (>= netstandard1.0) (< netstandard1.3) (< win8) (< wp8) (< wpa81))
      Microsoft.NETCore.Targets (>= 1.1) - restriction: || (&& (< monoandroid) (< monotouch) (< net45) (>= netstandard1.3) (< win8) (< wpa81) (< xamarinios) (< xamarinmac) (< xamarintvos) (< xamarinwatchos)) (&& (< monoandroid) (< net45) (>= netstandard1.0) (< netstandard1.3) (< win8) (< wp8) (< wpa81))
      System.Runtime (>= 4.3) - restriction: || (&& (< monoandroid) (< monotouch) (< net45) (>= netstandard1.3) (< win8) (< wpa81) (< xamarinios) (< xamarinmac) (< xamarintvos) (< xamarinwatchos)) (&& (< monoandroid) (< net45) (>= netstandard1.0) (< netstandard1.3) (< win8) (< wp8) (< wpa81))
    System.Threading.Tasks.Extensions (4.6.3) - restriction: >= netstandard2.0
      System.Runtime.CompilerServices.Unsafe (>= 6.1.2) - restriction: || (>= net462) (&& (< netcoreapp2.1) (>= netstandard2.0) (< netstandard2.1))
